GEM
  remote: https://rubygems.org/
  specs:
    bigdecimal (3.1.4)
    mini_portile2 (2.8.4)
    mustermann (3.0.0)
      ruby2_keywords (~> 0.0.1)
    rack (2.2.8)
    rack-protection (3.1.0)
      rack (~> 2.2, >= 2.2.4)
    ruby2_keywords (0.0.5)
    sequel (5.73.0)
      bigdecimal
    sinatra (3.1.0)
      mustermann (~> 3.0)
      rack (~> 2.2, >= 2.2.4)
      rack-protection (= 3.1.0)
      tilt (~> 2.0)
    sqlite3 (1.6.6)
      mini_portile2 (~> 2.8.0)
    tilt (2.3.0)

PLATFORMS
  ruby

DEPENDENCIES
  sequel
  sinatra
  sqlite3

BUNDLED WITH
   2.4.15
